PATH
  remote: .
  specs:
    koda-wms (0.0.1)
      koda-admin
      koda-content
      koda-ui
      rack-mount
      sinatra

GEM
  remote: https://rubygems.org/
  specs:
    activemodel (3.2.13)
      activesupport (= 3.2.13)
      builder (~> 3.0.0)
    activesupport (3.2.13)
      i18n (= 0.6.1)
      multi_json (~> 1.0)
    bson (1.8.3)
    bson_ext (1.8.3)
      bson (~> 1.8.3)
    builder (3.0.4)
    dalli (2.6.2)
    i18n (0.6.1)
    json (1.7.7)
    koda-admin (0.0.1)
      sinatra
    koda-content (0.0.1)
      bson_ext
      dalli
      json
      mongo
      mongoid
      rack-methodoverride-with-params
      shared-mime-info
      sinatra
      sinatra-jsonp
    koda-ui (0.0.1)
      koda-content
    mongo (1.8.3)
      bson (~> 1.8.3)
    mongoid (3.1.2)
      activemodel (~> 3.2)
      moped (~> 1.4.2)
      origin (~> 1.0)
      tzinfo (~> 0.3.22)
    moped (1.4.3)
    multi_json (1.3.7)
    origin (1.0.11)
    rack (1.5.2)
    rack-methodoverride-with-params (1.0.0)
      rack (~> 1)
    rack-mount (0.8.3)
      rack (>= 1.0.0)
    rack-protection (1.5.0)
      rack
    rake (10.0.3)
    shared-mime-info (0.1)
    sinatra (1.4.2)
      rack (~> 1.5, >= 1.5.2)
      rack-protection (~> 1.4)
      tilt (~> 1.3, >= 1.3.4)
    sinatra-jsonp (0.4.1)
      multi_json (~> 1.3.7)
      sinatra (~> 1.0)
    tilt (1.3.6)
    tzinfo (0.3.37)

PLATFORMS
  ruby

DEPENDENCIES
  koda-wms!
  rake
